GEM
  remote: http://rubygems.org/
  specs:
    git (1.2.5)
    jeweler (1.6.2)
      bundler (~> 1.0)
      git (>= 1.2.5)
      rake
    json (1.8.6)
    json (1.8.6-java)
    rake (0.9.2)
    rdoc (3.12.1)
      json (~> 1.4)

PLATFORMS
  java
  ruby

DEPENDENCIES
  bundler (~> 1.0.0)
  jeweler (~> 1.6.2)
  rdoc
