GEM
  remote: http://rubygems.org/
  specs:
    git (1.11.0)
      rchardet (~> 1.8)
    jeweler (1.6.2)
      bundler (~> 1.0)
      git (>= 1.2.5)
      rake
    rake (0.9.2)
    rchardet (1.8.0)
    rdoc (3.6.1)

PLATFORMS
  java
  ruby

DEPENDENCIES
  bundler (~> 1.0.0)
  jeweler (~> 1.6.2)
  rdoc
